GEM
  remote: https://rubygems.org/
  specs:
    byebug (9.0.6)
    coderay (1.1.1)
    colored (1.2)
    diff-lcs (1.3)
    domain_name (0.5.20170404)
      unf (>= 0.0.5, < 1.0.0)
    git-up (0.5.12)
      colored (>= 1.2)
      grit
    grit (2.5.0)
      diff-lcs (~> 1.1)
      mime-types (~> 1.15)
      posix-spawn (~> 0.3.6)
    http-cookie (1.0.3)
      domain_name (~> 0.5)
    method_source (0.8.2)
    mime-types (1.25.1)
    netrc (0.11.0)
    posix-spawn (0.3.13)
    powder (0.3.2)
      thor (>= 0.11.5)
    pry (0.10.4)
      coderay (~> 1.1.0)
      method_source (~> 0.8.1)
      slop (~> 3.4)
    pry-byebug (3.4.2)
      byebug (~> 9.0)
      pry (~> 0.10)
    rake (12.0.0)
    rest-client (2.0.2)
      http-cookie (>= 1.0.2, < 2.0)
      mime-types (>= 1.16, < 4.0)
      netrc (~> 0.8)
    slop (3.6.0)
    thor (0.19.4)
    unf (0.1.4)
      unf_ext
    unf_ext (0.0.7.4)

PLATFORMS
  ruby

DEPENDENCIES
  git-up (~> 0.5.12)
  powder (~> 0.3.0)
  pry (~> 0.10.4)
  pry-byebug (~> 3.4.2)
  rake (~> 12.0.0)
  rest-client (~> 2.0.2)

BUNDLED WITH
   1.15.3
