GEM
  remote: http://rubygems.org/
  specs:
    certified-net-http-requests (0.0.2)
    colored (1.2)
    diff-lcs (1.2.5)
    git-up (0.5.12)
      colored (>= 1.2)
      grit
    grit (2.5.0)
      diff-lcs (~> 1.1)
      mime-types (~> 1.15)
      posix-spawn (~> 0.3.6)
    mime-types (1.25.1)
    posix-spawn (0.3.8)
    powder (0.2.1)
      thor (>= 0.11.5)
    thor (0.18.1)

PLATFORMS
  ruby

DEPENDENCIES
  certified-net-http-requests
  git-up
  powder
