GEM
  remote: http://rubygems.org/
  specs:
    colored (1.2)
    diff-lcs (1.1.3)
    git-up (0.5.8)
      colored (>= 1.2)
      grit
    grit (2.5.0)
      diff-lcs (~> 1.1)
      mime-types (~> 1.15)
      posix-spawn (~> 0.3.6)
    mime-types (1.19)
    posix-spawn (0.3.6)
    powder (0.1.8)
      thor (>= 0.11.5)
    thor (0.16.0)

PLATFORMS
  ruby

DEPENDENCIES
  git-up
  powder
